GEM
  remote: http://rubygems.org/
  specs:
    haml (3.1.4)
    rack (1.4.0)
    rdiscount (1.6.8)
    sass (3.1.12)
    sinatra (1.2.7)
      rack (~> 1.1)
      tilt (>= 1.2.2, < 2.0)
    tilt (1.3.3)

PLATFORMS
  ruby

DEPENDENCIES
  haml
  rdiscount
  sass
  sinatra
